FRAMEWORK: >= NET40
NUGET
  remote: https://www.nuget.org/api/v2
    Costura.Fody (1.3.3)
      Fody (>= 1.26.1)
    Fody (1.29.4)
    JetBrains.Annotations (10.4)
    MahApps.Metro (1.5.0-alpha017)
GITHUB
  remote: ControlzEx/ControlzEx
    src/ControlzEx/PackIconBase.cs (c5aeed0d597336bed9451ac6b5f80846267ce0f0)